GIT
  remote: git://github.com/meew0/discordrb.git
  revision: bc0aa38fb977b192fe22dbaa782359c7b709a57a
  specs:
    discordrb (3.2.1)
      discordrb-webhooks ~> 3.2.0.1
      opus-ruby >= 0
      rbnacl ~> 3.4.0
      rest-client >= 0
      websocket-client-simple >= 0.3.0

GEM
  remote: https://rubygems.org/
  specs:
    discordrb-webhooks (3.2.0.1)
      rest-client (2.0.2)
        http-cookie (1.0.3)
          domain_name (0.5.20170404)
           unf (0.1.4)
              unf_ext (0.0.7.4)
        mime-types (3.1)
          mime-types-data (~> 3.2015)
          mime-types-data (3.2016.0521)
        netrc (0.11.0)
          minitest (5.10.3)
    opus-ruby (1.0.1)
      ffi (1.9.18)
    rbnacl (5.0.0)
    websocket-client-simple (0.3.0)
      event_emitter(0.2.6)
      websocket(1.2.5)

    concurrent-ruby (1.0.2)
    dotenv (2.1.1)
    event_emitter (0.2.5)
    i18n (0.7.0)
    thread_safe (0.3.5)
    tzinfo (1.2.2)
      thread_safe (~> 0.1)

PLATFORMS
  ruby

DEPENDENCIES
  discordrb!
  dotenv

BUNDLED WITH
   1.12.5
